GEM
  remote: https://rubygems.org/
  specs:
    file-tail (1.2.0)
      tins (~> 1.0)
    json (2.3.0)
    ruby-terminfo (0.1.1)
    tins (1.16.3)

PLATFORMS
  ruby

DEPENDENCIES
  file-tail
  json
  ruby-terminfo

BUNDLED WITH
   1.14.3
